PATH
  remote: .
  specs:
    best_buy (0.1.0)
      nokogiri

GEM
  remote: https://rubygems.org/
  specs:
    coderay (1.1.2)
    method_source (0.9.2)
    mini_portile2 (2.6.1)
    nokogiri (1.12.5)
      mini_portile2 (~> 2.6.1)
      racc (~> 1.4)
    pry (0.12.2)
      coderay (~> 1.1.0)
      method_source (~> 0.9.0)
    racc (1.5.2)
    rake (12.3.3)
    require_all (2.0.0)
    tty-cursor (0.7.0)
    tty-spinner (0.9.1)
      tty-cursor (~> 0.7)

PLATFORMS
  ruby

DEPENDENCIES
  best_buy!
  bundler (~> 2.0)
  pry
  rake
  require_all
  tty-spinner

BUNDLED WITH
   2.0.2
